PATH
  remote: .
  specs:
    pharrell (0.8.0)

GEM
  remote: https://rubygems.org/
  specs:
    rake (10.1.1)

PLATFORMS
  ruby

DEPENDENCIES
  pharrell!
  rake
